GEM
  remote: https://rubygems.org/
  specs:
    coderay (1.0.9)
    em-websocket (0.5.0)
      eventmachine (>= 0.12.9)
      http_parser.rb (~> 0.5.3)
    erubis (2.7.0)
    eventmachine (1.0.3)
    ffi (1.9.0)
    gir_ffi (0.6.4)
      ffi (~> 1.8)
      indentation (~> 0.0.6)
    gir_ffi-gtk (0.6.0)
      gir_ffi (~> 0.6.0)
    http_parser.rb (0.5.3)
    indentation (0.0.7)
    json (1.8.0)
    method_source (0.8.1)
    multi_json (1.7.7)
    pry (0.9.12.2)
      coderay (~> 1.0.5)
      method_source (~> 0.8)
      slop (~> 3.4)
    slop (3.4.5)

PLATFORMS
  ruby

DEPENDENCIES
  em-websocket
  erubis
  eventmachine
  gir_ffi-gtk
  json
  multi_json
  pry
